GEM
  remote: https://rubygems.org/
  specs:
    metaclass (0.0.4)
    minitest (5.9.0)
    mocha (1.1.0)
      metaclass (~> 0.0.1)
    rake (11.1.2)
    require_all (1.3.3)

PLATFORMS
  ruby

DEPENDENCIES
  minitest
  mocha
  rake
  require_all

BUNDLED WITH
   1.12.4
